GEM
  remote: https://rubygems.org/
  specs:
    mini_portile2 (2.0.0)
    mw_dictionary_api (0.1.3)
      nokogiri (~> 1.6.0)
    nokogiri (1.6.7.1)
      mini_portile2 (~> 2.0.0.rc2)

PLATFORMS
  ruby

DEPENDENCIES
  mw_dictionary_api (~> 0.1.3)

BUNDLED WITH
   1.11.2
